STORAGE: NONE
LOWEST_MATCHING: TRUE
NUGET
  remote: https://api.nuget.org/v3/index.json
    Elmish.Toastr (1.0)
      Fable.Core (>= 2.0) - restriction: >= netstandard2.0
      Fable.Elmish (>= 2.0) - restriction: >= netstandard2.0
      FSharp.Core (>= 4.5.2) - restriction: >= netstandard2.0
    Fable.AST (3.0) - restriction: >= netstandard2.0
    Fable.Browser.Blob (1.1) - restriction: >= netstandard2.0
      Fable.Core (>= 3.0) - restriction: >= netstandard2.0
      FSharp.Core (>= 4.6.2) - restriction: >= netstandard2.0
    Fable.Browser.Dom (2.2) - restriction: >= netstandard2.0
      Fable.Browser.Blob (>= 1.1) - restriction: >= netstandard2.0
      Fable.Browser.Event (>= 1.2.1) - restriction: >= netstandard2.0
      Fable.Browser.WebStorage (>= 1.0) - restriction: >= netstandard2.0
      Fable.Core (>= 3.0) - restriction: >= netstandard2.0
      FSharp.Core (>= 4.7.2) - restriction: >= netstandard2.0
    Fable.Browser.Event (1.2.1) - restriction: >= netstandard2.0
      Fable.Core (>= 3.0) - restriction: >= netstandard2.0
      FSharp.Core (>= 4.7) - restriction: >= netstandard2.0
    Fable.Browser.WebStorage (1.0) - restriction: >= netstandard2.0
      Fable.Browser.Event (>= 1.0) - restriction: >= netstandard2.0
      Fable.Core (>= 3.0) - restriction: >= netstandard2.0
      FSharp.Core (>= 4.5.2) - restriction: >= netstandard2.0
    Fable.Core (3.1.6)
      FSharp.Core (>= 4.7.1) - restriction: >= netstandard2.0
    Fable.Elmish (3.0) - restriction: >= netstandard2.0
      Fable.Core (>= 3.0) - restriction: >= netstandard2.0
      FSharp.Core (>= 4.6.2) - restriction: >= netstandard2.0
    Fable.Elmish.Browser (3.0) - restriction: >= netstandard2.0
      Fable.Browser.Dom (>= 1.0) - restriction: >= netstandard2.0
      Fable.Core (>= 3.0) - restriction: >= netstandard2.0
      Fable.Elmish (>= 3.0) - restriction: >= netstandard2.0
      FSharp.Core (>= 4.6.2) - restriction: >= netstandard2.0
    Fable.Elmish.Debugger (2.0.3)
      Fable.Core (>= 2.0) - restriction: >= netstandard2.0
      Fable.Elmish (>= 2.0) - restriction: >= netstandard2.0
      FSharp.Core (>= 4.5.2) - restriction: >= netstandard2.0
    Fable.Elmish.HMR (3.2)
      Fable.Core (>= 2.0.1) - restriction: >= netstandard2.0
      Fable.Elmish (>= 2.0.3) - restriction: >= netstandard2.0
      Fable.Elmish.Browser (>= 2.1) - restriction: >= netstandard2.0
      Fable.Elmish.React (>= 2.1) - restriction: >= netstandard2.0
      Fable.Import.HMR (>= 0.1) - restriction: >= netstandard2.0
      Fable.React (>= 4.1.3) - restriction: >= netstandard2.0
      FSharp.Core (>= 4.5.2) - restriction: >= netstandard2.0
    Fable.Elmish.React (3.0.1)
      Fable.Core (>= 3.0) - restriction: >= netstandard2.0
      Fable.Elmish (>= 3.0) - restriction: >= netstandard2.0
      Fable.React (>= 5.1) - restriction: >= netstandard2.0
      FSharp.Core (>= 4.6.2) - restriction: >= netstandard2.0
    Fable.Import.HMR (0.1) - restriction: >= netstandard2.0
      Fable.Core (>= 1.3.17) - restriction: >= netstandard1.6
    Fable.React (7.2) - restriction: >= netstandard2.0
      Fable.Browser.Dom (>= 2.0.1) - restriction: >= netstandard2.0
      Fable.Core (>= 3.1.5) - restriction: >= netstandard2.0
      FSharp.Core (>= 4.7.2) - restriction: >= netstandard2.0
    Feliz (1.29)
      Fable.Core (>= 3.1.5) - restriction: >= netstandard2.0
      Fable.React (>= 7.0.1) - restriction: >= netstandard2.0
      Feliz.CompilerPlugins (>= 1.2) - restriction: >= netstandard2.0
      FSharp.Core (>= 4.7.2) - restriction: >= netstandard2.0
    Feliz.CompilerPlugins (1.2) - restriction: >= netstandard2.0
      Fable.AST (>= 3.0) - restriction: >= netstandard2.0
      FSharp.Core (>= 4.7.2) - restriction: >= netstandard2.0
    FSharp.Core (4.7.2)

GROUP Build
RESTRICTION: >= net45
NUGET
  remote: https://api.nuget.org/v3/index.json
    FAKE (4.64.13)
